PATH
  remote: .
  specs:
    tailor (1.1.2)
      log_switch (>= 0.3.0)
      term-ansicolor (>= 1.0.5)
      text-table (>= 1.2.2)

GEM
  remote: http://rubygems.org/
  specs:
    aruba (0.5.1)
      childprocess (~> 0.3.6)
      cucumber (>= 1.1.1)
      rspec-expectations (>= 2.7.0)
    builder (3.1.4)
    childprocess (0.3.7)
      ffi (~> 1.0, >= 1.0.6)
    code_statistics (0.2.13)
    cucumber (1.2.1)
      builder (>= 2.1.2)
      diff-lcs (>= 1.1.3)
      gherkin (~> 2.11.0)
      json (>= 1.4.6)
    diff-lcs (1.1.3)
    fakefs (0.4.2)
    ffi (1.3.1)
    ffi (1.3.1-java)
    gherkin (2.11.5)
      json (>= 1.4.6)
    gherkin (2.11.5-java)
      json (>= 1.4.6)
    json (1.7.6)
    json (1.7.6-java)
    log_switch (0.4.0)
    multi_json (1.5.0)
    rake (10.0.3)
    roodi (2.2.0)
      ruby_parser (~> 2.3.0)
    rspec (2.12.0)
      rspec-core (~> 2.12.0)
      rspec-expectations (~> 2.12.0)
      rspec-mocks (~> 2.12.0)
    rspec-core (2.12.2)
    rspec-expectations (2.12.1)
      diff-lcs (~> 1.1.3)
    rspec-mocks (2.12.2)
    ruby_parser (2.3.1)
      sexp_processor (~> 3.0)
    sexp_processor (3.2.0)
    simplecov (0.7.1)
      multi_json (~> 1.0)
      simplecov-html (~> 0.7.1)
    simplecov-html (0.7.1)
    term-ansicolor (1.0.7)
    text-table (1.2.2)
    yard (0.8.3)
    yard-cucumber (2.2.2)
      cucumber (>= 0.7.5)
      gherkin (>= 2.2.9)
      yard (>= 0.8.1)

PLATFORMS
  java
  ruby

DEPENDENCIES
  aruba
  bundler
  code_statistics
  cucumber (>= 1.0.2)
  fakefs (>= 0.4.0)
  rake
  roodi (>= 2.1.0)
  rspec (>= 2.5.0)
  simplecov (>= 0.4.0)
  tailor!
  yard (>= 0.7.0)
  yard-cucumber (>= 2.1.7)
