PATH
  remote: .
  specs:
    tailor (1.0.0.alpha)
      log_switch (>= 0.2.0)
      term-ansicolor (>= 1.0.5)
      text-table (>= 1.2.2)

GEM
  remote: http://rubygems.org/
  specs:
    aruba (0.4.11)
      childprocess (>= 0.2.3)
      cucumber (>= 1.1.1)
      ffi (>= 1.0.11)
      rspec (>= 2.7.0)
    builder (3.0.0)
    childprocess (0.3.1)
      ffi (~> 1.0.6)
    cucumber (1.1.9)
      builder (>= 2.1.2)
      diff-lcs (>= 1.1.2)
      gherkin (~> 2.9.0)
      json (>= 1.4.6)
      term-ansicolor (>= 1.0.6)
    diff-lcs (1.1.3)
    fakefs (0.4.0)
    ffi (1.0.11)
    gherkin (2.9.0)
      json (>= 1.4.6)
    json (1.6.5)
    log_switch (0.3.0)
    multi_json (1.1.0)
    roodi (2.1.0)
      ruby_parser
    rspec (2.8.0)
      rspec-core (~> 2.8.0)
      rspec-expectations (~> 2.8.0)
      rspec-mocks (~> 2.8.0)
    rspec-core (2.8.0)
    rspec-expectations (2.8.0)
      diff-lcs (~> 1.1.2)
    rspec-mocks (2.8.0)
    ruby_parser (2.3.1)
      sexp_processor (~> 3.0)
    sexp_processor (3.1.0)
    simplecov (0.6.1)
      multi_json (~> 1.0)
      simplecov-html (~> 0.5.3)
    simplecov-html (0.5.3)
    term-ansicolor (1.0.7)
    text-table (1.2.2)
    yard (0.7.5)
    yard-cucumber (2.1.7)
      cucumber (>= 0.7.5)
      gherkin (>= 2.2.9)
      yard (>= 0.7.0)

PLATFORMS
  ruby

DEPENDENCIES
  aruba
  cucumber (>= 1.0.2)
  fakefs (>= 0.4.0)
  roodi (>= 2.1.0)
  rspec (>= 2.5.0)
  simplecov (>= 0.4.0)
  tailor!
  yard (>= 0.7.0)
  yard-cucumber (>= 2.1.7)
